GEM
  remote: https://rubygems.org/
  specs:
    coderay (1.0.9)
    method_source (0.8.1)
    oj (2.0.9)
    pry (0.9.12)
      coderay (~> 1.0.5)
      method_source (~> 0.8)
      slop (~> 3.4)
    rake (10.1.0)
    redcarpet (3.0.0)
    slop (3.4.4)

PLATFORMS
  ruby

DEPENDENCIES
  oj (= 2.0.9)
  pry (= 0.9.12)
  rake
  redcarpet (= 3.0.0)
